PATH
  remote: .
  specs:
    killbill-notification-test (2.0.0)
      killbill (~> 6.0.0)

GEM
  remote: https://rubygems.org/
  specs:
    diff-lcs (1.1.3)
    ethon (0.8.0)
      ffi (>= 1.3.0)
    ffi (1.9.10-java)
    jbundler (0.4.3)
      maven-tools (~> 0.32.1)
      ruby-maven (~> 3.0.4)
    killbill (6.0.0)
      rack (>= 1.5.2)
      sinatra (~> 1.3.4)
      typhoeus (~> 0.6.9)
      tzinfo (~> 1.2.0)
    maven-tools (0.32.5)
    rack (1.6.4)
    rack-protection (1.5.3)
      rack
    rake (10.4.2)
    rspec (2.12.0)
      rspec-core (~> 2.12.0)
      rspec-expectations (~> 2.12.0)
      rspec-mocks (~> 2.12.0)
    rspec-core (2.12.2)
    rspec-expectations (2.12.1)
      diff-lcs (~> 1.1.3)
    rspec-mocks (2.12.2)
    ruby-maven (3.0.4.1.4)
      maven-tools (~> 0.32.3)
      thor (>= 0.14.6, < 2.0)
    sinatra (1.3.6)
      rack (~> 1.4)
      rack-protection (~> 1.3)
      tilt (~> 1.3, >= 1.3.3)
    thor (0.19.1)
    thread_safe (0.3.5-java)
    tilt (1.4.1)
    typhoeus (0.6.9)
      ethon (>= 0.7.1)
    tzinfo (1.2.2)
      thread_safe (~> 0.1)

PLATFORMS
  java

DEPENDENCIES
  jbundler (~> 0.4.3)
  killbill-notification-test!
  rake (>= 10.0.0)
  rspec (~> 2.12.0)

BUNDLED WITH
   1.10.6
