PATH
  remote: .
  specs:
    killbill-notification-test (3.0.1)
      killbill (~> 8.0)

GEM
  remote: https://rubygems.org/
  specs:
    axiom-types (0.1.1)
      descendants_tracker (~> 0.0.4)
      ice_nine (~> 0.11.0)
      thread_safe (~> 0.3, >= 0.3.1)
    coercible (1.0.0)
      descendants_tracker (~> 0.0.1)
    descendants_tracker (0.0.4)
      thread_safe (~> 0.3, >= 0.3.1)
    diff-lcs (1.1.3)
    equalizer (0.0.11)
    ethon (0.9.1)
      ffi (>= 1.3.0)
    ffi (1.9.14-java)
    ice_nine (0.11.2)
    jar-dependencies (0.3.5)
    jbundler (0.9.3)
      bundler (~> 1.5)
      jar-dependencies (~> 0.3)
      maven-tools (~> 1.1)
      ruby-maven (~> 3.3, >= 3.3.8)
    killbill (8.3.1)
      rack (>= 1.5.2)
      sinatra (~> 1.3.4)
      typhoeus (~> 0.6.9)
      tzinfo (~> 1.2.0)
    maven-tools (1.1.6)
      virtus (~> 1.0)
    rack (1.6.5)
    rack-protection (1.5.3)
      rack
    rake (10.4.2)
    rspec (2.12.0)
      rspec-core (~> 2.12.0)
      rspec-expectations (~> 2.12.0)
      rspec-mocks (~> 2.12.0)
    rspec-core (2.12.2)
    rspec-expectations (2.12.1)
      diff-lcs (~> 1.1.3)
    rspec-mocks (2.12.2)
    ruby-maven (3.3.12)
      ruby-maven-libs (~> 3.3.9)
    ruby-maven-libs (3.3.9)
    sinatra (1.3.6)
      rack (~> 1.4)
      rack-protection (~> 1.3)
      tilt (~> 1.3, >= 1.3.3)
    thread_safe (0.3.5-java)
    tilt (1.4.1)
    typhoeus (0.6.9)
      ethon (>= 0.7.1)
    tzinfo (1.2.2)
      thread_safe (~> 0.1)
    virtus (1.0.5)
      axiom-types (~> 0.1)
      coercible (~> 1.0)
      descendants_tracker (~> 0.0, >= 0.0.3)
      equalizer (~> 0.0, >= 0.0.9)

PLATFORMS
  java

DEPENDENCIES
  jbundler (~> 0.9.2)
  killbill-notification-test!
  rake (>= 10.0.0)
  rspec (~> 2.12.0)

BUNDLED WITH
   1.11.2
